PATH
  remote: .
  specs:
    rake-hooks (1.2.3)
      rake (= 0.8.7)

GEM
  remote: http://rubygems.org/
  specs:
    rake (0.8.7)

PLATFORMS
  ruby

DEPENDENCIES
  bundler
  rake-hooks!
